GEM
  remote: https://rubygems.org/
  specs:
    PriorityQueue (0.1.2)

PLATFORMS
  x86-mingw32

DEPENDENCIES
  PriorityQueue

BUNDLED WITH
   1.10.0.rc
